GEM
  remote: https://rubygems.org/
  specs:
    addressable (2.3.8)
    base64 (0.3.0)
    faraday (0.9.0)
      multipart-post (>= 1.2, < 3)
    json (2.3.0)
    logger (1.7.0)
    multipart-post (2.0.0)
    mustermann (3.0.4)
      ruby2_keywords (~> 0.0.1)
    octokit (3.0.0)
      sawyer (~> 0.5.3)
    rack (3.2.3)
    rack-protection (4.0.1)
      base64 (>= 0.1.0)
      logger (>= 1.6.0)
      rack (>= 3.0.0, < 4)
    rack-session (2.1.1)
      base64 (>= 0.1.0)
      rack (>= 3.0.0)
    ruby2_keywords (0.0.5)
    sawyer (0.5.4)
      addressable (~> 2.3.5)
      faraday (~> 0.8, < 0.10)
    shotgun (0.9.2)
      rack (>= 1.0)
    sinatra (4.0.1)
      logger (>= 1.6.0)
      mustermann (~> 3.0)
      rack (>= 3.0.0, < 4)
      rack-protection (= 4.0.1)
      rack-session (>= 2.0.0, < 3)
      tilt (~> 2.0)
    tilt (2.6.1)

PLATFORMS
  ruby

DEPENDENCIES
  json (~> 2.3)
  octokit (~> 3.0)
  shotgun (>= 0.9.1)
  sinatra (~> 4.0.1)

BUNDLED WITH
   2.3.27
