GEM
  remote: https://rubygems.org/
  specs:
    activesupport (7.2.2.2)
      base64
      benchmark (>= 0.3)
      bigdecimal
      concurrent-ruby (~> 1.0, >= 1.3.1)
      connection_pool (>= 2.2.5)
      drb
      i18n (>= 1.6, < 2)
      logger (>= 1.4.2)
      minitest (>= 5.1)
      securerandom (>= 0.3)
      tzinfo (~> 2.0, >= 2.0.5)
    addressable (2.8.7)
      public_suffix (>= 2.0.2, < 7.0)
    base64 (0.3.0)
    benchmark (0.4.1)
    bigdecimal (3.2.3)
    concurrent-ruby (1.3.5)
    connection_pool (2.5.4)
    drb (2.2.3)
    faraday (1.10.4)
      faraday-em_http (~> 1.0)
      faraday-em_synchrony (~> 1.0)
      faraday-excon (~> 1.1)
      faraday-httpclient (~> 1.0)
      faraday-multipart (~> 1.0)
      faraday-net_http (~> 1.0)
      faraday-net_http_persistent (~> 1.0)
      faraday-patron (~> 1.0)
      faraday-rack (~> 1.0)
      faraday-retry (~> 1.0)
      ruby2_keywords (>= 0.0.4)
    faraday-em_http (1.0.0)
    faraday-em_synchrony (1.0.1)
    faraday-excon (1.1.0)
    faraday-httpclient (1.0.1)
    faraday-multipart (1.1.1)
      multipart-post (~> 2.0)
    faraday-net_http (1.0.2)
    faraday-net_http_persistent (1.2.0)
    faraday-patron (1.0.0)
    faraday-rack (1.0.0)
    faraday-retry (1.0.3)
    i18n (1.14.7)
      concurrent-ruby (~> 1.0)
    json (2.3.0)
    logger (1.7.0)
    minitest (5.25.5)
    multipart-post (2.4.1)
    mustermann (1.1.2)
      ruby2_keywords (~> 0.0.1)
    octokit (4.7.0)
      sawyer (~> 0.8.0, >= 0.5.3)
    public_suffix (6.0.2)
    rack (2.2.18)
    rack-protection (2.0.8.1)
      rack
    ruby2_keywords (0.0.5)
    sawyer (0.8.2)
      addressable (>= 2.3.5)
      faraday (> 0.8, < 2.0)
    securerandom (0.4.1)
    sinatra (2.0.8.1)
      mustermann (~> 1.0)
      rack (~> 2.0)
      rack-protection (= 2.0.8.1)
      tilt (~> 2.0)
    sinatra_auth_github (2.0.0)
      sinatra (~> 2.0)
      warden-github (~> 1.3)
    tilt (2.6.1)
    tzinfo (2.0.6)
      concurrent-ruby (~> 1.0)
    warden (1.2.9)
      rack (>= 2.0.9)
    warden-github (1.3.2)
      activesupport (> 3.0)
      octokit (> 2.1.0)
      warden (> 1.0)

PLATFORMS
  ruby

DEPENDENCIES
  json (~> 2.3.0)
  octokit (~> 4.7.0)
  sinatra (~> 2.0.0)
  sinatra_auth_github (~> 2.0.0)

BUNDLED WITH
   2.3.26
